GIT
  remote: git://github.com/ryanb/nested_form.git
  revision: 57f32788f1952bcd633057b4b56b69b51df17610
  specs:
    nested_form (0.1.1)

GEM
  remote: http://rubygems.org/
  specs:
    Ascii85 (1.0.1)
    abstract (1.0.0)
    actionmailer (3.0.10)
      actionpack (= 3.0.10)
      mail (~> 2.2.19)
    actionpack (3.0.10)
      activemodel (= 3.0.10)
      activesupport (= 3.0.10)
      builder (~> 2.1.2)
      erubis (~> 2.6.6)
      i18n (~> 0.5.0)
      rack (~> 1.2.1)
      rack-mount (~> 0.6.14)
      rack-test (~> 0.5.7)
      tzinfo (~> 0.3.23)
    activemerchant (1.10.0)
      activesupport (>= 2.3.2)
      braintree (>= 2.0.0)
      builder (>= 2.0.0)
    activemodel (3.0.10)
      activesupport (= 3.0.10)
      builder (~> 2.1.2)
      i18n (~> 0.5.0)
    activerecord (3.0.10)
      activemodel (= 3.0.10)
      activesupport (= 3.0.10)
      arel (~> 2.0.10)
      tzinfo (~> 0.3.23)
    activeresource (3.0.10)
      activemodel (= 3.0.10)
      activesupport (= 3.0.10)
    activesupport (3.0.10)
    arel (2.0.10)
    babosa (0.3.5)
    bcrypt-ruby (2.1.4)
    braintree (2.10.2)
      builder (>= 2.0.0)
    builder (2.1.2)
    cancan (1.6.5)
    chronic (0.6.2)
    chunky_png (1.2.1)
    cocaine (0.2.0)
    compass (0.11.5)
      chunky_png (~> 1.2)
      fssm (>= 0.2.7)
      sass (~> 3.1)
    delorean (1.1.0)
      chronic
    devise (1.4.2)
      bcrypt-ruby (~> 2.1.2)
      orm_adapter (~> 0.0.3)
      warden (~> 1.0.3)
    devise_invitable (0.5.4)
      devise (~> 1.4.1)
      rails (< 3.2, >= 3.0.0)
    erubis (2.6.6)
      abstract (>= 1.0.0)
    factory_girl (2.0.4)
    factory_girl_rails (1.1.0)
      factory_girl (~> 2.0.0)
      railties (>= 3.0.0)
    fancy-buttons (1.1.2)
      compass (>= 0.11)
    friendly_id (3.2.1.1)
      babosa (~> 0.3.0)
    fssm (0.2.7)
    haml (3.1.2)
    haml-rails (0.3.4)
      actionpack (~> 3.0)
      activesupport (~> 3.0)
      haml (~> 3.0)
      railties (~> 3.0)
    i18n (0.5.0)
    jquery-rails (1.0.13)
      railties (~> 3.0)
      thor (~> 0.14)
    mail (2.2.19)
      activesupport (>= 2.3.6)
      i18n (>= 0.4.0)
      mime-types (~> 1.16)
      treetop (~> 1.4.8)
    meta_search (1.0.6)
      actionpack (~> 3.0.2)
      activerecord (~> 3.0.2)
      activesupport (~> 3.0.2)
      arel (~> 2.0.2)
    mime-types (1.16)
    mocha (0.9.12)
    nifty-generators (0.4.6)
    nokogiri (1.5.0)
    orm_adapter (0.0.5)
    paperclip (2.3.16)
      activerecord (>= 2.3.0)
      activesupport (>= 2.3.2)
      cocaine (>= 0.0.2)
      mime-types
    pdf-reader (0.10.0)
      Ascii85 (~> 1.0.0)
    polyglot (0.3.2)
    prawn (0.12.0)
      pdf-reader (>= 0.9.0)
      ttfunk (~> 1.0.2)
    rack (1.2.3)
    rack-mount (0.6.14)
      rack (>= 1.0.0)
    rack-test (0.5.7)
      rack (>= 1.0)
    rails (3.0.10)
      actionmailer (= 3.0.10)
      actionpack (= 3.0.10)
      activerecord (= 3.0.10)
      activeresource (= 3.0.10)
      activesupport (= 3.0.10)
      bundler (~> 1.0)
      railties (= 3.0.10)
    railties (3.0.10)
      actionpack (= 3.0.10)
      activesupport (= 3.0.10)
      rake (>= 0.8.7)
      rdoc (~> 3.4)
      thor (~> 0.14.4)
    rake (0.9.2)
    rdoc (3.9.2)
    sass (3.1.7)
    simple-navigation (3.5.0)
      activesupport (>= 2.3.2)
    simple_form (1.4.2)
      actionpack (~> 3.0)
      activemodel (~> 3.0)
    sqlite3 (1.3.4)
    thor (0.14.6)
    transitions (0.0.10)
    treetop (1.4.10)
      polyglot
      polyglot (>= 0.3.1)
    ttfunk (1.0.2)
    tzinfo (0.3.29)
    warden (1.0.5)
      rack (>= 1.0)
    webrat (0.7.3)
      nokogiri (>= 1.2.0)
      rack (>= 1.0)
      rack-test (>= 0.5.3)
    will_paginate (3.0.0)

PLATFORMS
  ruby

DEPENDENCIES
  activemerchant (~> 1.10.0)
  cancan
  compass
  delorean
  devise
  devise_invitable
  factory_girl_rails
  fancy-buttons
  friendly_id
  haml
  haml-rails
  jquery-rails (>= 1.0.12)
  meta_search
  mocha
  nested_form!
  nifty-generators
  paperclip
  prawn
  rails (= 3.0.10)
  simple-navigation
  simple_form
  sqlite3
  transitions
  webrat
  will_paginate
